GIT
  remote: https://github.com/matthodan/jekyll-asset-pipeline.git
  revision: b8c6e246aeefb649956ba2c0fa0bd9be38b64453
  branch: master
  specs:
    jekyll-asset-pipeline (0.1.5)
      jekyll (>= 0.12)
      liquid (~> 2.4)

GEM
  remote: http://rubygems.org/
  specs:
    blankslate (2.1.2.4)
    classifier (1.3.4)
      fast-stemmer (>= 1.0.0)
    colorator (0.1)
    commander (4.1.6)
      highline (~> 1.6.11)
    fast-stemmer (1.0.2)
    ffi (1.9.10)
    highline (1.6.21)
    jekyll (1.5.1)
      classifier (~> 1.3)
      colorator (~> 0.1)
      commander (~> 4.1.3)
      liquid (~> 2.5.5)
      listen (~> 1.3)
      maruku (= 0.7.0)
      pygments.rb (~> 0.5.0)
      redcarpet (~> 2.3.0)
      safe_yaml (~> 1.0)
      toml (~> 0.1.0)
    jekyll-tagging (0.5.0)
      ruby-nuggets
    json (1.8.3)
    liquid (2.5.5)
    listen (1.3.1)
      rb-fsevent (>= 0.9.3)
      rb-inotify (>= 0.9)
      rb-kqueue (>= 0.2)
    maruku (0.7.0)
    mini_portile (0.6.0)
    nokogiri (1.6.3.1)
      mini_portile (= 0.6.0)
    nuggets (1.0.0)
    parslet (1.5.0)
      blankslate (~> 2.0)
    posix-spawn (0.3.11)
    pygments.rb (0.5.4)
      posix-spawn (~> 0.3.6)
      yajl-ruby (~> 1.1.0)
    rake (10.1.1)
    rb-fsevent (0.9.7)
    rb-inotify (0.9.7)
      ffi (>= 0.5.0)
    rb-kqueue (0.2.4)
      ffi (>= 0.5.0)
    rdiscount (2.1.7.1)
    redcarpet (2.3.0)
    ruby-nuggets (1.0.0)
      nuggets (= 1.0.0)
    safe_yaml (1.0.4)
    toml (0.1.2)
      parslet (~> 1.5.0)
    yajl-ruby (1.1.0)
    yui-compressor (0.12.0)

PLATFORMS
  ruby

DEPENDENCIES
  jekyll (~> 1.5.0)
  jekyll-asset-pipeline!
  jekyll-tagging (~> 0.5.0)
  json (~> 1.8.3)
  nokogiri (~> 1.6.0)
  pygments.rb (~> 0.5.4)
  rake (~> 10.1.0)
  rdiscount (~> 2.1.7)
  yui-compressor (~> 0.12.0)
